GEM
  remote: http://rubygems.org/
  remote: http://gems.github.com/
  specs:
    activesupport (4.0.0)
      i18n (~> 0.6, >= 0.6.4)
      minitest (~> 4.2)
      multi_json (~> 1.3)
      thread_safe (~> 0.1)
      tzinfo (~> 0.3.37)
    atomic (1.1.13)
    i18n (0.6.5)
    immutable_struct (1.1.1)
    minitest (4.7.5)
    multi_json (1.7.9)
    require_all (1.2.1)
    thread_safe (0.1.2)
      atomic
    tzinfo (0.3.37)

PLATFORMS
  ruby

DEPENDENCIES
  activesupport
  immutable_struct
  require_all
